GEM
  remote: https://rubygems.org/
  specs:
    activesupport (6.1.7.8)
      concurrent-ruby (~> 1.0, >= 1.0.2)
      i18n (>= 1.6, < 2)
      minitest (>= 5.1)
      tzinfo (~> 2.0)
      zeitwerk (~> 2.3)
    base64 (0.2.0)
    bcp47 (0.3.3)
      i18n
    bigdecimal (3.1.8)
    coderay (1.1.3)
    concurrent-ruby (1.3.3)
    crack (0.1.8)
    csv (3.3.0)
    date_time_precision (0.8.1)
    diff-lcs (1.5.1)
    faker (2.22.0)
      i18n (>= 1.8.11, < 2)
    fhir_models (4.2.2)
      bcp47 (>= 0.3)
      date_time_precision (>= 0.8)
      mime-types (>= 3.0)
      nokogiri (>= 1.11.4)
    httparty (0.7.8)
      crack (= 0.1.8)
    i18n (1.14.5)
      concurrent-ruby (~> 1.0)
    json (2.7.2)
    logger (1.6.1)
    method_source (1.1.0)
    mime-types (3.5.2)
      mime-types-data (~> 3.2015)
    mime-types-data (3.2024.0604)
    mini_portile2 (2.8.7)
    minitest (5.23.1)
    nokogiri (1.13.10)
      mini_portile2 (~> 2.8.0)
      racc (~> 1.4)
    ostruct (0.6.0)
    pry (0.14.2)
      coderay (~> 1.1)
      method_source (~> 1.0)
    racc (1.8.0)
    rspec (3.13.0)
      rspec-core (~> 3.13.0)
      rspec-expectations (~> 3.13.0)
      rspec-mocks (~> 3.13.0)
    rspec-core (3.13.0)
      rspec-support (~> 3.13.0)
    rspec-expectations (3.13.1)
      diff-lcs (>= 1.2.0, < 2.0)
      rspec-support (~> 3.13.0)
    rspec-mocks (3.13.1)
      diff-lcs (>= 1.2.0, < 2.0)
      rspec-support (~> 3.13.0)
    rspec-support (3.13.1)
    tzinfo (2.0.6)
      concurrent-ruby (~> 1.0)
    zeitwerk (2.6.16)

PLATFORMS
  x64-unknown
  x86_64-linux

DEPENDENCIES
  activesupport
  base64 (~> 0.2.0)
  bigdecimal (~> 3.1)
  csv (~> 3.3)
  faker
  fhir_models
  httparty
  json
  logger (~> 1.6)
  ostruct (~> 0.6.0)
  pry
  rspec

BUNDLED WITH
   2.5.22
